GEM
  remote: http://rubygems.org/
  specs:
    i2c (0.2.22)
    wiringpi (1.1.0)

PLATFORMS
  ruby

DEPENDENCIES
  i2c
  pi_piper
  wiringpi
